GEM
  specs:
    bson (1.6.2)
    json (1.7.0)
    mongo (1.6.2)
      bson (~> 1.6.2)

PLATFORMS
  ruby

DEPENDENCIES
  json
  mongo
